{
    "Modality": "PT",
    "Manufacturer": "Mediso",
    "ManufacturersModelName": "LFER",
    "InstitutionName": "National Institute of Mental Health",
    "DeviceSerialNumber": "LF000000-0021V2",
    "BodyPartExamined": "BRAIN",
    "PatientPosition": "HFP",
    "SoftwareVersions": "Nucline-1.07.023.0000\\FlatCT:FlatCTLFER\\PET:6.05.031.0000",
    "SeriesDescription": "PET (2)_MC1_3DOSEMPSF_sesbaseline_0658442dbf9b601ed8da897d2aef0f2a",
    "ProtocolName": "PET (2)",
    "ImageType": [
        "DERIVED",
        "PRIMARY",
        "DYNAMIC",
        "NONE"
    ],
    "RawImage": false,
    "SeriesNumber": 8,
    "AcquisitionTime": "10:57:53.000000",
    "RadionuclidePositronFraction": 0.99767,
    "RadionuclideTotalDose": 36.83,
    "RadionuclideHalfLife": 1221.78,
    "SliceThickness": 0.6,
    "ImageOrientationPatientDICOM": [
        -1,
        0,
        0,
        0,
        -1,
        0
    ],
    "BidsGuess": [
        "PET",
        "PET"
    ],
    "ConversionSoftware": [
        "dcm2niix",
        "pypet2bids"
    ],
    "ConversionSoftwareVersion": [
        "v1.0.20240202",
        "1.3.9"
    ],
    "BodyPart": "BRAIN",
    "TracerRadionuclide": "[11C]",
    "Units": "Bq/mL",
    "TracerName": "MC1",
    "InjectedRadioactivity": 21504.2757453116,
    "InjectedRadioactivityUnits": "kBq",
    "InjectedMass": 0.14946402534949618,
    "InjectedMassUnits": "nmol",
    "SpecificRadioactivity": 143875.93064637133,
    "SpecificRadioactivityUnits": "kBq/nmol",
    "ModeOfAdministration": "bolus",
    "TimeZero": "11:00:35",
    "ScanStart": 0,
    "InjectionStart": 0,
    "FrameTimesStart": [
        0,
        20,
        40,
        60,
        80,
        100,
        120,
        180,
        240,
        300,
        360,
        420,
        540,
        660,
        780,
        900,
        1200,
        1500,
        1800,
        2400,
        3000,
        3600,
        4800,
        6000
    ],
    "FrameDuration": [
        20,
        20,
        20,
        20,
        20,
        20,
        60,
        60,
        60,
        60,
        60,
        120,
        120,
        120,
        120,
        300,
        300,
        300,
        600,
        600,
        600,
        1200,
        1200,
        1200
    ],
    "AcquisitionMode": "list",
    "ImageDecayCorrected": true,
    "ImageDecayCorrectionTime": 0,
    "ReconMethodName": "3D-OSEM-PSF",
    "ReconMethodParameterLabels": [
        "iterations",
        "subjects"
    ],
    "ReconFilterType": "None",
    "AttenuationCorrection": "CT/CONCURRENT",
    "ReconMethodParameterValues": [
        16,
        10
    ],
    "ReconFilterSize": 0,
    "RepetitionTime": 0,
    "ReconMethodParameterUnits": [
        "None",
        "None"
    ]
}