{
    "Modality": "PT",
    "Manufacturer": "Mediso",
    "ManufacturersModelName": "LFER",
    "InstitutionName": "National Institute of Mental Health",
    "DeviceSerialNumber": "LF000000-0021V2",
    "BodyPartExamined": "BRAIN",
    "PatientPosition": "HFP",
    "SoftwareVersions": "Nucline-1.07.023.0000\\FlatCT:FlatCTLFER\\PET:6.05.031.0000",
    "SeriesDescription": "PET (3)_MC1_3DOSEMPSF_sesblockCELECOXIB_5e7a65376ac2fa87f5d60b6b8c09e712",
    "ProtocolName": "PET (3)",
    "ImageType": [
        "DERIVED",
        "PRIMARY",
        "DYNAMIC",
        "NONE"
    ],
    "RawImage": false,
    "SeriesNumber": 9,
    "AcquisitionTime": "13:41:54.000000",
    "RadionuclidePositronFraction": 0.99767,
    "RadionuclideTotalDose": 1,
    "RadionuclideHalfLife": 1221.78,
    "SliceThickness": 0.6,
    "ImageOrientationPatientDICOM": [
        -1,
        0,
        0,
        0,
        -1,
        0
    ],
    "BidsGuess": [
        "PET",
        "PET"
    ],
    "ConversionSoftware": [
        "dcm2niix",
        "pypet2bids"
    ],
    "ConversionSoftwareVersion": [
        "v1.0.20240202",
        "1.3.9"
    ],
    "BodyPart": "BRAIN",
    "TracerRadionuclide": "[11C]",
    "Units": "Bq/mL",
    "TracerName": "MC1",
    "InjectedRadioactivity": 22519.501086038763,
    "InjectedRadioactivityUnits": "kBq",
    "InjectedMass": 0.10205411421559764,
    "InjectedMassUnits": "nmol",
    "SpecificRadioactivity": 220662.35407682322,
    "SpecificRadioactivityUnits": "kBq/nmol",
    "ModeOfAdministration": "bolus",
    "TimeZero": "13:43:54",
    "ScanStart": 0,
    "InjectionStart": 0,
    "FrameTimesStart": [
        0,
        20,
        40,
        60,
        80,
        100,
        120,
        180,
        240,
        300,
        360,
        420,
        540,
        660,
        780,
        900,
        1200,
        1500,
        1800,
        2400,
        3000,
        3600,
        4800,
        6000
    ],
    "FrameDuration": [
        20,
        20,
        20,
        20,
        20,
        20,
        60,
        60,
        60,
        60,
        60,
        120,
        120,
        120,
        120,
        300,
        300,
        300,
        600,
        600,
        600,
        1200,
        1200,
        1200
    ],
    "AcquisitionMode": "list",
    "ImageDecayCorrected": true,
    "ImageDecayCorrectionTime": 0,
    "ReconMethodName": "3D-OSEM-PSF",
    "ReconMethodParameterLabels": [
        "iterations",
        "subjects"
    ],
    "ReconFilterType": "None",
    "AttenuationCorrection": "CT/CONCURRENT",
    "ReconMethodParameterValues": [
        16,
        10
    ],
    "ReconFilterSize": 0,
    "RepetitionTime": 0,
    "ReconMethodParameterUnits": [
        "None",
        "None"
    ]
}